GEM
  remote: http://rubygems.org/
  specs:
    newrelic_rpm (3.18.1.330)
    rack (1.5.1)
    rack-protection (1.3.2)
      rack
    sinatra (1.3.4)
      rack (~> 1.4)
      rack-protection (~> 1.3)
      tilt (~> 1.3, >= 1.3.3)
    tilt (1.3.3)

PLATFORMS
  ruby

DEPENDENCIES
  newrelic_rpm
  sinatra

BUNDLED WITH
   1.13.6
